GEM
  remote: http://rubygems.org/
  specs:
    albacore (0.3.5)
      rubyzip
    rake (10.1.1)
    rubyzip (1.1.0)

PLATFORMS
  x86-mingw32

DEPENDENCIES
  albacore
  rake
